GEM
  remote: http://rubygems.org/
  specs:
    childprocess (0.6.1)
      ffi (~> 1.0, >= 1.0.11)
    facets (3.1.0)
    ffi (1.9.17)
    json (2.0.3)
    psych (2.2.2)
    rubyzip (1.2.1)
    selenium-webdriver (3.0.8)
      childprocess (~> 0.5)
      rubyzip (~> 1.0)
      websocket (~> 1.0)
    webdriver-user-agent (7.4)
      facets
      json
      psych
      selenium-webdriver
    websocket (1.2.4)

PLATFORMS
  ruby

DEPENDENCIES
  selenium-webdriver
  webdriver-user-agent

BUNDLED WITH
   1.14.3
